GEM
  remote: https://rubygems.org/
  specs:
    connpass (0.0.1)
      hashie
    eventmachine (1.2.7)
    faye-websocket (0.10.9)
      eventmachine (>= 0.12.0)
      websocket-driver (>= 0.5.1)
    hashie (4.0.0)
    websocket-driver (0.7.1)
      websocket-extensions (>= 0.1.0)
    websocket-extensions (0.1.4)

PLATFORMS
  ruby

DEPENDENCIES
  connpass
  eventmachine
  faye-websocket

BUNDLED WITH
   2.0.2
